GEM
  remote: https://rubygems.org/
  specs:
    ruby-prof (0.15.2)

PLATFORMS
  ruby

DEPENDENCIES
  ruby-prof (= 0.15.2)

BUNDLED WITH
   1.12.5
